GIT
  remote: https://gforge.inria.fr/git/g5k-campaign/g5k-campaign.git
  revision: cac93c26c7c998da96182980736b4d17fb070570
  ref: cac93c26c7c998da96182980736b4d17fb070570
  specs:
    g5k-campaign (0.9.7)
      awesome_print
      net-scp
      net-sftp
      net-ssh
      net-ssh-gateway
      net-ssh-multi
      restfully (~> 1.0)

GIT
  remote: https://github.com/eventmachine/eventmachine.git
  revision: 07fc8c7c15772d3d5d97c7a62a8a65cf8d65f3d6
  specs:
    eventmachine (1.0.0.beta.4)

GIT
  remote: https://github.com/sprsquish/blather.git
  revision: e0f39264724d9910d92ea55bc4d9b38e583235a6
  tag: develop
  specs:
    blather (0.5.8)
      activesupport (>= 3.0.7)
      eventmachine (>= 0.12.6)
      niceogiri (>= 0.0.4)
      nokogiri (~> 1.4.0)

GEM
  remote: https://rubygems.org/
  specs:
    ZenTest (4.11.0)
    abstract (1.0.0)
    actionmailer (3.0.10)
      actionpack (= 3.0.10)
      mail (~> 2.2.19)
    actionpack (3.0.10)
      activemodel (= 3.0.10)
      activesupport (= 3.0.10)
      builder (~> 2.1.2)
      erubis (~> 2.6.6)
      i18n (~> 0.5.0)
      rack (~> 1.2.1)
      rack-mount (~> 0.6.14)
      rack-test (~> 0.5.7)
      tzinfo (~> 0.3.23)
    activemodel (3.0.10)
      activesupport (= 3.0.10)
      builder (~> 2.1.2)
      i18n (~> 0.5.0)
    activerecord (3.0.10)
      activemodel (= 3.0.10)
      activesupport (= 3.0.10)
      arel (~> 2.0.10)
      tzinfo (~> 0.3.23)
    activeresource (3.0.10)
      activemodel (= 3.0.10)
      activesupport (= 3.0.10)
    activesupport (3.0.10)
    addressable (2.2.6)
    arel (2.0.10)
    autotest (4.4.6)
      ZenTest (>= 4.4.1)
    autotest-growl (0.2.11)
    awesome_print (1.6.1)
    backports (3.6.5)
    bond (0.4.3)
    builder (2.1.2)
    capistrano (2.9.0)
      highline
      net-scp (>= 1.0.0)
      net-sftp (>= 2.0.0)
      net-ssh (>= 2.0.14)
      net-ssh-gateway (>= 1.1.0)
    charlock_holmes (0.7.3)
    crack (0.3.1)
    daemons (1.1.4)
    diff-lcs (1.1.3)
    domain_name (0.5.24)
      unf (>= 0.0.5, < 1.0.0)
    em-http-request (0.3.0)
      addressable (>= 2.0.0)
      escape_utils
      eventmachine (>= 0.12.9)
    em-synchrony (0.2.0)
      eventmachine (>= 0.12.9)
    erubis (2.6.6)
      abstract (>= 1.0.0)
    escape_utils (0.2.4)
    factory_girl (2.1.2)
      activesupport
    factory_girl_rails (1.2.0)
      factory_girl (~> 2.1.0)
      railties (>= 3.0.0)
    gitlab-grit (2.7.3)
      charlock_holmes (~> 0.6)
      diff-lcs (~> 1.1)
      mime-types (~> 1.15)
      posix-spawn (~> 0.3)
    haml (3.1.3)
    highline (1.6.2)
    http-cookie (1.0.2)
      domain_name (~> 0.5)
    i18n (0.5.0)
    json (1.6.1)
    mail (2.2.19)
      activesupport (>= 2.3.6)
      i18n (>= 0.4.0)
      mime-types (~> 1.16)
      treetop (~> 1.4.8)
    mime-types (1.16)
    mysql2 (0.2.13)
    net-scp (1.0.4)
      net-ssh (>= 1.99.1)
    net-sftp (2.0.5)
      net-ssh (>= 2.0.9)
    net-ssh (2.2.1)
    net-ssh-gateway (1.1.0)
      net-ssh (>= 1.99.1)
    net-ssh-multi (1.1)
      net-ssh (>= 2.1.4)
      net-ssh-gateway (>= 0.99.0)
    netrc (0.10.3)
    niceogiri (0.0.4)
      nokogiri (>= 1.4.0)
    nokogiri (1.4.7)
    pg (0.18.0)
    polyglot (0.3.2)
    posix-spawn (0.3.9)
    rack (1.2.4)
    rack-cache (1.2)
      rack (>= 0.4)
    rack-fiber_pool (0.9.2)
    rack-jsonp (1.2.1)
      rack
    rack-mount (0.6.14)
      rack (>= 1.0.0)
    rack-test (0.5.7)
      rack (>= 1.0)
    rails (3.0.10)
      actionmailer (= 3.0.10)
      actionpack (= 3.0.10)
      activerecord (= 3.0.10)
      activeresource (= 3.0.10)
      activesupport (= 3.0.10)
      bundler (~> 1.0)
      railties (= 3.0.10)
    railties (3.0.10)
      actionpack (= 3.0.10)
      activesupport (= 3.0.10)
      rake (>= 0.8.7)
      rdoc (~> 3.4)
      thor (~> 0.14.4)
    rake (0.8.7)
    rb-readline (0.5.3)
    rcov (0.9.11)
    rdoc (3.10)
      json (~> 1.4)
    rest-client (1.8.0)
      http-cookie (>= 1.0.2, < 2.0)
      mime-types (>= 1.16, < 3.0)
      netrc (~> 0.7)
    rest-client-components (1.4.0)
      rack (>= 1.0.1)
      rest-client (>= 1.6.0)
    restfully (1.1.1)
      addressable
      backports
      json (~> 1.5)
      rack-cache
      rb-readline
      rest-client (~> 1.6)
      rest-client-components
      ripl (= 0.6.1)
      ripl-color_streams
      ripl-multi_line
      ripl-play (~> 0.2.1)
      ripl-short_errors
    ripl (0.6.1)
      bond (~> 0.4.0)
    ripl-color_streams (0.1.2)
      ripl (>= 0.2.8)
    ripl-multi_line (0.3.1)
      ripl (>= 0.3.6)
    ripl-play (0.2.1)
      ripl (>= 0.3.0)
    ripl-short_errors (0.1.0)
      ripl (>= 0.2.8)
    rspec (2.6.0)
      rspec-core (~> 2.6.0)
      rspec-expectations (~> 2.6.0)
      rspec-mocks (~> 2.6.0)
    rspec-core (2.6.4)
    rspec-expectations (2.6.0)
      diff-lcs (~> 1.1.2)
    rspec-mocks (2.6.0)
    rspec-rails (2.6.1)
      actionpack (~> 3.0)
      activesupport (~> 3.0)
      railties (~> 3.0)
      rspec (~> 2.6.0)
    ruby-mysql (2.9.4)
    state_machine (0.10.4)
    syslogger (1.2.5)
    thin (1.2.11)
      daemons (>= 1.0.9)
      eventmachine (>= 0.12.6)
      rack (>= 1.0.0)
    thor (0.14.6)
    treetop (1.4.10)
      polyglot
      polyglot (>= 0.3.1)
    tzinfo (0.3.30)
    unf (0.1.4)
      unf_ext
    unf_ext (0.0.7.1)
    webmock (1.7.6)
      addressable (~> 2.2, > 2.2.5)
      crack (>= 0.1.7)

PLATFORMS
  ruby

DEPENDENCIES
  addressable (~> 2.2)
  autotest
  autotest-growl
  blather!
  capistrano
  em-http-request (~> 0.2)
  em-synchrony (~> 0.2)
  eventmachine!
  factory_girl_rails
  g5k-campaign!
  gitlab-grit
  haml
  mysql2 (~> 0.2.0)
  net-ssh-multi (~> 1.1.0)
  pg (~> 0.18.0)
  rack-fiber_pool (~> 0.9)
  rack-jsonp
  rails (~> 3.0.0)
  rake (>= 0.8.7)
  rcov
  rspec
  rspec-rails
  ruby-mysql
  state_machine (~> 0.9)
  syslogger
  thin (~> 1.2.7)
  webmock

BUNDLED WITH
   1.10.6
